GEM
  remote: https://rubygems.org/
  specs:
    dotenv (2.8.1)
    dry-inflector (1.0.0)
    thor (1.2.2)

PLATFORMS
  x86_64-linux-musl

DEPENDENCIES
  dotenv
  dry-inflector (~> 1.0)
  thor

BUNDLED WITH
   2.4.19
